PATH
  remote: .
  specs:
    oxidized (0.0.18)
      grit
      net-ssh
      sequel
      sqlite3

GEM
  remote: https://rubygems.org/
  specs:
    diff-lcs (1.2.4)
    grit (2.5.0)
      diff-lcs (~> 1.1)
      mime-types (~> 1.15)
      posix-spawn (~> 0.3.6)
    mime-types (1.25)
    net-ssh (2.7.0)
    posix-spawn (0.3.6)
    sequel (4.4.0)
    sqlite3 (1.3.8)

PLATFORMS
  ruby

DEPENDENCIES
  oxidized!
